GEM
  remote: http://rubygems.org/
  specs:
    actionmailer (2.3.11)
      actionpack (= 2.3.11)
    actionpack (2.3.11)
      activesupport (= 2.3.11)
      rack (~> 1.1.0)
    activerecord (2.3.11)
      activesupport (= 2.3.11)
    activeresource (2.3.11)
      activesupport (= 2.3.11)
    activesupport (2.3.11)
    annotate (2.4.0)
    authlogic (2.1.6)
      activesupport
    aws-s3 (0.6.2)
      builder
      mime-types
      xml-simple
    builder (3.0.0)
    columnize (0.3.3)
    configuration (1.2.0)
    declarative_authorization (0.5.3)
    faker (0.9.5)
      i18n (~> 0.4)
    formtastic (1.2.4)
      actionpack (>= 2.3.7)
      activesupport (>= 2.3.7)
      i18n (~> 0.4)
    haml (3.1.2)
    haml_scaffold (1.1.0)
      haml (>= 2.0.6)
      mocha (>= 0.9.0)
      will_paginate (>= 2.2.2)
    heroku (2.3.3)
      launchy (>= 0.3.2)
      rest-client (~> 1.6.1)
      term-ansicolor (~> 1.0.5)
    heroku_san (1.2.2)
      heroku (>= 2)
      rails (>= 2)
    i18n (0.6.0)
    launchy (0.4.0)
      configuration (>= 0.0.5)
      rake (>= 0.8.1)
    linecache (0.43)
    mime-types (1.16)
    mocha (0.9.12)
    nifty-generators (0.4.6)
    paper_trail (1.6.5)
      actionpack (~> 2.3)
      activerecord (~> 2.3)
    paperclip (2.3.11)
      activerecord (>= 2.3.0)
      activesupport (>= 2.3.2)
    rack (1.1.2)
    rails (2.3.11)
      actionmailer (= 2.3.11)
      actionpack (= 2.3.11)
      activerecord (= 2.3.11)
      activeresource (= 2.3.11)
      activesupport (= 2.3.11)
      rake (>= 0.8.3)
    rake (0.9.2)
    rcov (0.9.9)
    rest-client (1.6.3)
      mime-types (>= 1.16)
    rmagick (2.13.1)
    ruby-debug (0.10.4)
      columnize (>= 0.1)
      ruby-debug-base (~> 0.10.4.0)
    ruby-debug-base (0.10.4)
      linecache (>= 0.3)
    sass (3.1.2)
    sqlite3 (1.3.3)
    sqlite3 (1.3.3-x86-mingw32)
    term-ansicolor (1.0.5)
    will_paginate (2.3.15)
    xml-simple (1.1.0)

PLATFORMS
  ruby
  x86-mingw32

DEPENDENCIES
  annotate
  authlogic
  aws-s3
  declarative_authorization
  faker
  formtastic
  haml
  haml_scaffold
  heroku
  heroku_san
  linecache (= 0.43)
  mocha
  nifty-generators
  paper_trail (~> 1)
  paperclip (~> 2.3)
  rails (= 2.3.11)
  rcov
  rmagick
  ruby-debug
  sass
  sqlite3
  will_paginate (~> 2.3.11)
